PATH
  remote: .
  specs:
    ruboty-toggl_multi (0.1.1)
      activesupport
      awesome_print
      ruboty
      togglv8

GEM
  remote: https://rubygems.org/
  specs:
    activesupport (5.2.2)
      concurrent-ruby (~> 1.0, >= 1.0.2)
      i18n (>= 0.7, < 2)
      minitest (~> 5.1)
      tzinfo (~> 1.1)
    awesome_print (1.8.0)
    concurrent-ruby (1.1.4)
    dotenv (2.6.0)
    faraday (0.15.4)
      multipart-post (>= 1.2, < 3)
    i18n (1.5.1)
      concurrent-ruby (~> 1.0)
    logger (1.3.0)
    mem (0.1.5)
    minitest (5.11.3)
    multipart-post (2.0.0)
    oj (3.7.6)
    rake (12.3.2)
    ruboty (1.3.0)
      activesupport
      bundler
      dotenv
      mem
      slop
    slop (4.6.2)
    thread_safe (0.3.6)
    togglv8 (1.2.1)
      faraday
      logger
      oj
    tzinfo (1.2.5)
      thread_safe (~> 0.1)

PLATFORMS
  ruby

DEPENDENCIES
  bundler
  rake
  ruboty-toggl_multi!

BUNDLED WITH
   1.16.5
